GEM
  remote: http://rubygems.org/
  specs:
    activesupport (3.0.0)
    fastercsv (1.5.3)
    git (1.2.5)
    jeweler (1.5.1)
      bundler (~> 1.0.0)
      git (>= 1.2.5)
      rake
    mechanize (1.0.0)
      nokogiri (>= 1.2.1)
    nokogiri (1.4.3.1)
    rake (0.8.7)
    trollop (1.16.2)

PLATFORMS
  ruby

DEPENDENCIES
  activesupport
  bundler (~> 1.0.0)
  fastercsv
  jeweler (~> 1.5.1)
  mechanize
  nokogiri
  trollop
